GEM
  remote: http://rubygems.org/
  specs:
    coderay (1.0.5)
    edavis10-object_daddy (0.4.3)
    i18n (0.6.0)
    mail (2.4.4)
      i18n (>= 0.4.0)
      mime-types (~> 1.16)
      treetop (~> 1.4.8)
    metaclass (0.0.1)
    mime-types (1.17.2)
    mocha (0.10.5)
      metaclass (~> 0.0.1)
    mysql (2.8.1)
    polyglot (0.3.3)
    rack (1.1.3)
    rspec (1.3.2)
    rspec-rails (1.3.4)
      rack (>= 1.0.0)
      rspec (~> 1.3.1)
    shoulda (2.10.3)
    treetop (1.4.10)
      polyglot
      polyglot (>= 0.3.1)

PLATFORMS
  ruby

DEPENDENCIES
  coderay (~> 1.0.0)
  edavis10-object_daddy
  mail
  mocha
  mysql
  rack (~> 1.1)
  rspec (= 1.3.2)
  rspec-rails (= 1.3.4)
  shoulda (= 2.10.3)
